GEM
  remote: https://rubygems.org/
  specs:
    json (1.7.5)
    rack (1.4.1)
    rack-protection (1.2.0)
      rack
    serialport (1.1.0)
    sinatra (1.3.3)
      rack (~> 1.3, >= 1.3.6)
      rack-protection (~> 1.2)
      tilt (~> 1.3, >= 1.3.3)
    sinatra-cross_origin (0.2.0)
    thread (0.0.1)
    tilt (1.3.3)

PLATFORMS
  ruby

DEPENDENCIES
  json
  serialport
  sinatra
  sinatra-cross_origin
  thread
